GEM
  specs:
    gosu (0.7.50)

PLATFORMS
  ruby

DEPENDENCIES
  gosu
